PATH
  remote: .
  specs:
    omniauth-humanid (0.0.1)

GEM
  remote: https://rubygems.org/
  specs:

PLATFORMS
  ruby

DEPENDENCIES
  omniauth-humanid!

BUNDLED WITH
   2.1.4
