PATH
  remote: .
  specs:
    omniauth-humanid (1.0.0)

GEM
  remote: https://rubygems.org/
  specs:
    rake (13.0.6)

PLATFORMS
  ruby

DEPENDENCIES
  omniauth-humanid!
  rake

BUNDLED WITH
   2.1.4
